PATH
  remote: ../redis_cacheable
  specs:
    redis_cacheable (0.0.1)
      activesupport
      redis
      redis-namespace

GEM
  specs:
    activesupport (3.1.0)
      multi_json (~> 1.0)
    archive-tar-minitar (0.5.2)
    capistrano (2.9.0)
      highline
      net-scp (>= 1.0.0)
      net-sftp (>= 2.0.0)
      net-ssh (>= 2.0.14)
      net-ssh-gateway (>= 1.1.0)
    chunky_png (1.2.5)
    columnize (0.3.4)
    compass (0.11.5)
      chunky_png (~> 1.2)
      fssm (>= 0.2.7)
      sass (~> 3.1)
    fssm (0.2.7)
    haml (3.1.3)
    highline (1.6.2)
    kgio (2.6.0)
    linecache19 (0.5.12)
      ruby_core_source (>= 0.1.4)
    multi_json (1.0.3)
    net-scp (1.0.4)
      net-ssh (>= 1.99.1)
    net-sftp (2.0.5)
      net-ssh (>= 2.0.9)
    net-ssh (2.2.1)
    net-ssh-gateway (1.1.0)
      net-ssh (>= 1.99.1)
    rack (1.3.4)
    raindrops (0.7.0)
    redis (2.2.2)
    redis-namespace (1.1.0)
      redis (< 3.0.0)
    ruby-debug-base19 (0.11.25)
      columnize (>= 0.3.1)
      linecache19 (>= 0.5.11)
      ruby_core_source (>= 0.1.4)
    ruby-debug19 (0.11.6)
      columnize (>= 0.3.1)
      linecache19 (>= 0.5.11)
      ruby-debug-base19 (>= 0.11.19)
    ruby_core_source (0.1.5)
      archive-tar-minitar (>= 0.5.2)
    sass (3.1.10)
    unicorn (4.1.1)
      kgio (~> 2.4)
      rack
      raindrops (~> 0.6)

PLATFORMS
  ruby

DEPENDENCIES
  capistrano
  compass
  haml
  redis_cacheable!
  ruby-debug19
  unicorn
